PATH
  remote: .
  specs:
    prometheus_collector (0.1.0)
      bundler (= 1.10.6)
      minitest (~> 5.0)
      rake (~> 10.0)

GEM
  remote: https://rubygems.org/
  specs:
    minitest (5.11.3)
    rake (10.5.0)

PLATFORMS
  ruby

DEPENDENCIES
  prometheus_collector!

BUNDLED WITH
   1.10.6
